PATH
  remote: .
  specs:
    open_api_rack (0.1.3)
      deep_merge

GEM
  remote: https://rubygems.org/
  specs:
    deep_merge (1.2.2)
    diff-lcs (1.5.1)
    rack (3.0.10)
    rake (13.0.6)
    rspec (3.13.0)
      rspec-core (~> 3.13.0)
      rspec-expectations (~> 3.13.0)
      rspec-mocks (~> 3.13.0)
    rspec-core (3.13.0)
      rspec-support (~> 3.13.0)
    rspec-expectations (3.13.0)
      diff-lcs (>= 1.2.0, < 2.0)
      rspec-support (~> 3.13.0)
    rspec-mocks (3.13.0)
      diff-lcs (>= 1.2.0, < 2.0)
      rspec-support (~> 3.13.0)
    rspec-support (3.13.1)

PLATFORMS
  arm64-darwin-21
  x86_64-linux

DEPENDENCIES
  open_api_rack!
  rack (~> 3.0)
  rake (~> 13.0)
  rspec

BUNDLED WITH
   2.2.33
